PATH
  remote: .
  specs:
    atlas-api (0.0.2)
      faraday (= 0.6.0)
      hashie (~> 0.4.0)

GEM
  remote: https://rubygems.org/
  specs:
    addressable (2.2.8)
    crack (0.4.1)
      safe_yaml (~> 0.9.0)
    diff-lcs (1.2.4)
    faraday (0.6.0)
      addressable (~> 2.2.4)
      multipart-post (~> 1.1.0)
      rack (>= 1.1.0, < 2)
    hashie (0.4.0)
    multipart-post (1.1.5)
    rack (1.5.2)
    rake (10.1.0)
    rspec (2.14.1)
      rspec-core (~> 2.14.0)
      rspec-expectations (~> 2.14.0)
      rspec-mocks (~> 2.14.0)
    rspec-core (2.14.4)
    rspec-expectations (2.14.0)
      diff-lcs (>= 1.1.3, < 2.0)
    rspec-mocks (2.14.2)
    safe_yaml (0.9.5)
    webmock (1.13.0)
      addressable (>= 2.2.7)
      crack (>= 0.3.2)

PLATFORMS
  ruby

DEPENDENCIES
  atlas-api!
  rake (~> 10.1.0)
  rspec
  webmock
